GEM
  remote: https://rubygems.org/
  specs:
    rack (1.3.10)

PLATFORMS
  ruby

DEPENDENCIES
  rack
